GIT
  remote: git://github.com/unixcharles/acme-client.git
  revision: b05bb3254c9ac09a2fa196d738a6f66006429e1e
  specs:
    acme-client (0.4.1)
      faraday (~> 0.9, >= 0.9.1)

GEM
  remote: https://rubygems.org/
  specs:
    activesupport (4.2.6)
      i18n (~> 0.7)
      json (~> 1.7, >= 1.7.7)
      minitest (~> 5.1)
      thread_safe (~> 0.3, >= 0.3.4)
      tzinfo (~> 1.1)
    faraday (0.9.2)
      multipart-post (>= 1.2, < 3)
    i18n (0.7.0)
    json (1.8.3)
    minitest (5.9.1)
    multipart-post (2.0.0)
    thread_safe (0.3.5)
    tzinfo (1.2.2)
      thread_safe (~> 0.1)

PLATFORMS
  ruby

DEPENDENCIES
  acme-client!
  activesupport (= 4.2.6)

BUNDLED WITH
   1.12.5
